GIT
  remote: git://github.com/vmg/redcarpet.git
  revision: 2040782fd100ac94e2843a80715c9b90e1bb6768
  specs:
    redcarpet (2.3.0)

GEM
  remote: https://rubygems.org/
  specs:
    bourbon (3.1.8)
      sass (>= 3.2.0)
      thor
    dropbox-sdk (1.5.1)
      json
    erubis (2.7.0)
    hike (1.2.3)
    json (1.7.7)
    multi_json (1.7.6)
    newrelic_rpm (3.6.3.111)
    posix-spawn (0.3.6)
    puma (2.0.1)
      rack (>= 1.1, < 2.0)
    pygments.rb (0.5.0)
      posix-spawn (~> 0.3.6)
      yajl-ruby (~> 1.1.0)
    rack (1.5.2)
    rack-protection (1.5.0)
      rack
    rake (10.0.4)
    safe_yaml (0.9.3)
    sass (3.2.9)
    sinatra (1.4.3)
      rack (~> 1.4)
      rack-protection (~> 1.4)
      tilt (~> 1.3, >= 1.3.4)
    sprockets (2.10.0)
      hike (~> 1.2)
      multi_json (~> 1.0)
      rack (~> 1.0)
      tilt (~> 1.1, != 1.3.0)
    sprockets-sass (1.0.1)
      sprockets (~> 2.0)
      tilt (~> 1.1)
    thor (0.18.1)
    tilt (1.4.1)
    yajl-ruby (1.1.0)

PLATFORMS
  ruby

DEPENDENCIES
  bourbon
  dropbox-sdk
  erubis
  newrelic_rpm
  puma
  pygments.rb
  rake
  redcarpet!
  safe_yaml
  sass
  sinatra
  sprockets
  sprockets-sass
