GEM
  remote: https://rubygems.org/
  specs:
    addressable (2.3.8)
    bourbon (4.2.2)
      sass (~> 3.4)
      thor
    builder (3.2.2)
    data_objects (0.10.15)
      addressable (~> 2.1)
    dm-core (1.2.1)
      addressable (~> 2.3)
    dm-do-adapter (1.2.0)
      data_objects (~> 0.10.6)
      dm-core (~> 1.2.0)
    dm-migrations (1.2.0)
      dm-core (~> 1.2.0)
    dm-postgres-adapter (1.2.0)
      dm-do-adapter (~> 1.2.0)
      do_postgres (~> 0.10.6)
    do_postgres (0.10.15)
      data_objects (= 0.10.15)
    dropbox-sdk (1.6.4)
      json
    erubis (2.7.0)
    hike (1.2.3)
    json (1.8.2)
    multi_json (1.11.0)
    newrelic_rpm (3.11.2.286)
    pg (0.18.1)
    posix-spawn (0.3.11)
    puma (2.11.2)
      rack (>= 1.1, < 2.0)
    pygments.rb (0.6.3)
      posix-spawn (~> 0.3.6)
      yajl-ruby (~> 1.2.0)
    rack (1.6.0)
    rack-protection (1.5.3)
      rack
    rake (10.4.2)
    redcarpet (3.2.3)
    sass (3.4.13)
    sinatra (1.4.6)
      rack (~> 1.4)
      rack-protection (~> 1.4)
      tilt (>= 1.3, < 3)
    sprockets (2.12.3)
      hike (~> 1.2)
      multi_json (~> 1.0)
      rack (~> 1.0)
      tilt (~> 1.1, != 1.3.0)
    sprockets-sass (1.3.1)
      sprockets (~> 2.0)
      tilt (~> 1.1)
    thor (0.19.1)
    tilt (1.4.1)
    xml-sitemap (1.3.3)
      builder (>= 2.0)
    yajl-ruby (1.2.1)

PLATFORMS
  ruby

DEPENDENCIES
  bourbon
  bundler
  dm-core
  dm-migrations
  dm-postgres-adapter
  dropbox-sdk
  erubis
  newrelic_rpm
  pg
  puma
  pygments.rb
  rake
  redcarpet
  sass
  sinatra
  sprockets
  sprockets-sass
  xml-sitemap
