GEM
  remote: https://rubygems.org/
  specs:
    addressable (2.3.5)
    bourbon (3.1.8)
      sass (>= 3.2.0)
      thor
    builder (3.2.2)
    data_objects (0.10.13)
      addressable (~> 2.1)
    dm-core (1.2.1)
      addressable (~> 2.3)
    dm-do-adapter (1.2.0)
      data_objects (~> 0.10.6)
      dm-core (~> 1.2.0)
    dm-migrations (1.2.0)
      dm-core (~> 1.2.0)
    dm-postgres-adapter (1.2.0)
      dm-do-adapter (~> 1.2.0)
      do_postgres (~> 0.10.6)
    do_postgres (0.10.13)
      data_objects (= 0.10.13)
    dropbox-sdk (1.6.1)
      json
    erubis (2.7.0)
    hike (1.2.3)
    json (1.8.0)
    multi_json (1.7.9)
    newrelic_rpm (3.6.6.147)
    pg (0.16.0)
    posix-spawn (0.3.6)
    puma (2.5.1)
      rack (>= 1.1, < 2.0)
    pygments.rb (0.5.2)
      posix-spawn (~> 0.3.6)
      yajl-ruby (~> 1.1.0)
    rack (1.5.2)
    rack-protection (1.5.0)
      rack
    rake (10.1.0)
    redcarpet (3.0.0)
    sass (3.2.10)
    sinatra (1.4.3)
      rack (~> 1.4)
      rack-protection (~> 1.4)
      tilt (~> 1.3, >= 1.3.4)
    sprockets (2.10.0)
      hike (~> 1.2)
      multi_json (~> 1.0)
      rack (~> 1.0)
      tilt (~> 1.1, != 1.3.0)
    sprockets-sass (1.0.1)
      sprockets (~> 2.0)
      tilt (~> 1.1)
    thor (0.18.1)
    tilt (1.4.1)
    xml-sitemap (1.3.2)
      builder (>= 2.0)
    yajl-ruby (1.1.0)

PLATFORMS
  ruby

DEPENDENCIES
  bourbon
  bundler
  dm-core
  dm-migrations
  dm-postgres-adapter
  dropbox-sdk
  erubis
  newrelic_rpm
  pg
  puma
  pygments.rb (>= 0.5.1)
  rake
  redcarpet
  sass
  sinatra
  sprockets
  sprockets-sass
  xml-sitemap
